PATH
  remote: .
  specs:
    sequel_comments (0.1.1)
      sequel (~> 4.21, >= 4.21.0)

GEM
  remote: https://rubygems.org/
  specs:
    diff-lcs (1.2.5)
    docile (1.1.5)
    multi_json (1.12.1)
    rspec (3.5.0)
      rspec-core (~> 3.5.0)
      rspec-expectations (~> 3.5.0)
      rspec-mocks (~> 3.5.0)
    rspec-core (3.5.3)
      rspec-support (~> 3.5.0)
    rspec-expectations (3.5.0)
      diff-lcs (>= 1.2.0, < 2.0)
      rspec-support (~> 3.5.0)
    rspec-mocks (3.5.0)
      diff-lcs (>= 1.2.0, < 2.0)
      rspec-support (~> 3.5.0)
    rspec-support (3.5.0)
    sequel (4.38.0)
    simplecov (0.9.2)
      docile (~> 1.1.0)
      multi_json (~> 1.0)
      simplecov-html (~> 0.9.0)
    simplecov-html (0.9.0)
    sqlite3 (1.3.11)

PLATFORMS
  ruby

DEPENDENCIES
  rspec (~> 3.2, >= 3.2.0)
  sequel_comments!
  simplecov (~> 0.9.2)
  sqlite3 (~> 1.3, >= 1.3.10)

BUNDLED WITH
   1.12.5
